GEM
  remote: https://rubygems.org/
  specs:
    timecop (0.9.1)

PLATFORMS
  ruby

DEPENDENCIES
  timecop

RUBY VERSION
   ruby 2.6.1p33

BUNDLED WITH
   1.17.2
